GEM
  remote: http://rubygems.org/
  specs:
    bubble-wrap (1.1.4)
    cocoapods (0.5.1)
      xcodeproj (~> 0.1.0)
    grocer (0.2.0)
      json
    json (1.7.5)
    motion-cocoapods (1.0.3)
      cocoapods (>= 0.5.1)
    rack (1.6.13)
    rack-protection (1.2.0)
      rack
    rake (10.0.1)
    sinatra (1.3.3)
      rack (~> 1.3, >= 1.3.6)
      rack-protection (~> 1.2)
      tilt (~> 1.3, >= 1.3.3)
    tilt (1.3.3)
    xcodeproj (0.1.0)

PLATFORMS
  ruby

DEPENDENCIES
  bubble-wrap
  grocer
  motion-cocoapods
  rake
  sinatra
