GEM
  remote: http://rubygems.org/
  specs:
    bubble-wrap (1.1.4)
    cocoapods (0.5.1)
      xcodeproj (~> 0.1.0)
    grocer (0.2.0)
      json
    json (1.7.5)
    motion-cocoapods (1.0.3)
      cocoapods (>= 0.5.1)
    mustermann (1.1.1)
      ruby2_keywords (~> 0.0.1)
    rack (2.2.3)
    rack-protection (2.2.0)
      rack
    rake (10.0.1)
    ruby2_keywords (0.0.5)
    sinatra (2.2.0)
      mustermann (~> 1.0)
      rack (~> 2.2)
      rack-protection (= 2.2.0)
      tilt (~> 2.0)
    tilt (2.0.10)
    xcodeproj (0.1.0)

PLATFORMS
  ruby

DEPENDENCIES
  bubble-wrap
  grocer
  motion-cocoapods
  rake
  sinatra
